GEM
  remote: http://rubygems.org/
  specs:
    liquid (2.6.1)
    rack (1.5.2)

PLATFORMS
  ruby

DEPENDENCIES
  liquid
  rack
